GEM
  remote: http://rubygems.org/
  specs:
    i18n (0.6.0)
    mail (2.4.4)
      i18n (>= 0.4.0)
      mime-types (~> 1.16)
      treetop (~> 1.4.8)
    mime-types (1.17.2)
    polyglot (0.3.3)
    pony (1.4)
      mail (> 2.0)
    r18n-core (0.4.14)
    rack (1.4.1)
    rack-protection (1.2.0)
      rack
    sinatra (1.3.2)
      rack (~> 1.3, >= 1.3.6)
      rack-protection (~> 1.2)
      tilt (~> 1.3, >= 1.3.3)
    sinatra-r18n (0.4.14)
      r18n-core (= 0.4.14)
      sinatra (>= 1.3)
    slim (1.1.1)
      temple (~> 0.4.0)
      tilt (~> 1.3.2)
    temple (0.4.0)
    tilt (1.3.3)
    treetop (1.4.10)
      polyglot
      polyglot (>= 0.3.1)

PLATFORMS
  ruby

DEPENDENCIES
  pony
  sinatra (= 1.3.2)
  sinatra-r18n
  slim
