GIT
  remote: git://github.com/sinatra/sinatra.git
  revision: bde0e7756ceedf5f8e5fb1e6b77b6d07b476dd6b
  specs:
    sinatra (1.4.0)
      rack (~> 1.3, >= 1.3.6)
      rack-protection (~> 1.2)
      tilt (~> 1.3, >= 1.3.3)

GEM
  remote: http://rubygems.org/
  specs:
    rack (1.4.1)
    rack-protection (1.2.0)
      rack
    tilt (1.3.3)

PLATFORMS
  ruby

DEPENDENCIES
  sinatra!
